GEM
  remote: https://repo.fury.io/wied03/
  specs:
    hike (1.2.3)
    opal (0.9.0.beta1)
      hike (~> 1.2)
      sourcemap (~> 0.1.0)
      sprockets (~> 3.1)
      tilt (>= 1.4)
    opal-rspec (0.5.0.beta3)
      opal (>= 0.8.0, < 0.10)
    rack (1.6.4)
    sourcemap (0.1.1)
    sprockets (3.1.0)
      rack (~> 1.0)
    tilt (1.4.1)

PLATFORMS
  ruby

DEPENDENCIES
  opal (= 0.9.0.beta1)
  opal-rspec (= 0.5.0.beta3)
